GEM
  remote: https://rubygems.org/
  specs:
    minitest (5.7.0)
    pg (0.18.2)
    puma (2.12.2)
    rack (1.6.4)
    rack-protection (1.5.3)
      rack
    rack-test (0.6.3)
      rack (>= 1.0)
    rake (10.4.2)
    sequel (4.24.0)
    shotgun (0.9)
      rack (>= 1.0)
    sinatra (1.4.6)
      rack (~> 1.4)
      rack-protection (~> 1.4)
      tilt (>= 1.3, < 3)
    tilt (2.0.1)

PLATFORMS
  ruby

DEPENDENCIES
  minitest (~> 5.2)
  pg
  puma
  rack-test (~> 0.6)
  rake (~> 10.0)
  sequel
  shotgun
  sinatra (~> 1.4)

BUNDLED WITH
   1.10.5
